GIT
  remote: git://github.com/meh/lissio.git
  revision: 7cba2e97f44038c0048cf221947d2798f9a0f842
  specs:
    lissio (0.1.0.beta3)
      opal (>= 0.6.0)
      opal-browser (>= 0.2.0.beta1)
      rack
      thor

GIT
  remote: git://github.com/meh/paggio.git
  revision: f9a178965dde6b65381e8cd140c66991d82b97c1
  specs:
    paggio (0.2.4)

GIT
  remote: git://github.com/opal/opal-browser.git
  revision: a0b9bcc4aca8ec3d0a309df2d7e07805f8e74b36
  specs:
    opal-browser (0.2.0.beta1)
      opal
      paggio

GIT
  remote: git://github.com/opal/opal.git
  revision: d0c745f02e6e8a734c0f4260e7be18deed7b1353
  specs:
    opal (0.7.0.dev)
      source_map
      sprockets

PATH
  remote: /home/meh/projects/opal/overwolf
  specs:
    opal-overwolf (0.1.0)
      opal-browser

GEM
  remote: http://rubygems.org/
  specs:
    hike (1.2.3)
    json (1.8.1)
    multi_json (1.10.1)
    rack (1.5.2)
    source_map (3.0.1)
      json
    sprockets (2.12.1)
      hike (~> 1.2)
      multi_json (~> 1.0)
      rack (~> 1.0)
      tilt (~> 1.1, != 1.3.0)
    thor (0.19.1)
    tilt (1.4.1)

PLATFORMS
  ruby

DEPENDENCIES
  lissio!
  opal!
  opal-browser!
  opal-overwolf!
  paggio!
